PATH
  remote: .
  specs:
    pitchfork (0.6.0)
      rack (>= 2.0)
      raindrops (~> 0.7)

GEM
  remote: https://rubygems.org/
  specs:
    minitest (5.15.0)
    nio4r (2.5.9)
    puma (6.3.0)
      nio4r (~> 2.0)
    rack (3.0.8)
    raindrops (0.20.1)
    rake (13.0.6)
    rake-compiler (1.2.1)
      rake

PLATFORMS
  aarch64-linux
  arm64-darwin-21
  arm64-darwin-22
  x86_64-linux

DEPENDENCIES
  minitest
  pitchfork!
  puma
  rake
  rake-compiler

BUNDLED WITH
   2.3.22
