PATH
  remote: .
  specs:
    pitchfork (0.1.1)
      rack (>= 2.0)
      raindrops (~> 0.7)

GEM
  remote: https://rubygems.org/
  specs:
    minitest (5.16.3)
    nio4r (2.5.8)
    puma (5.6.5)
      nio4r (~> 2.0)
    rack (3.0.0)
    raindrops (0.20.0)
    rake (13.0.6)
    rake-compiler (1.2.0)
      rake

PLATFORMS
  aarch64-linux
  arm64-darwin-21
  x86_64-linux

DEPENDENCIES
  minitest
  pitchfork!
  puma
  rake
  rake-compiler

BUNDLED WITH
   2.3.22
